GEM
  remote: https://rubygems.org/
  specs:
    bson (1.9.0)
    bson_ext (1.9.0)
      bson (~> 1.9.0)
    mini_portile (0.5.0)
    mongo (1.9.0)
      bson (~> 1.9.0)
    nokogiri (1.6.0)
      mini_portile (~> 0.5.0)
    rainbow (1.1.4)
    ruby-nessus (1.1.0)
      nokogiri (~> 1.4)
      rainbow (~> 1.0)
    terminal-table (1.4.5)

PLATFORMS
  ruby

DEPENDENCIES
  bson_ext (~> 1.9.0)
  mongo (~> 1.9.0)
  ruby-nessus (~> 1.1.0)
  terminal-table (~> 1.4.5)
