GEM
  remote: https://rubygems.org/
  specs:
    mini_portile (0.5.0)
    nokogiri (1.6.0)
      mini_portile (~> 0.5.0)
    rainbow (1.1.4)
    ruby-nessus (1.1.0)
      nokogiri (~> 1.4)
      rainbow (~> 1.0)

PLATFORMS
  ruby

DEPENDENCIES
  ruby-nessus
