GEM
  remote: https://rubygems.org/
  specs:
    activemodel (3.2.13)
      activesupport (= 3.2.13)
      builder (~> 3.0.0)
    activesupport (3.2.13)
      i18n (= 0.6.1)
      multi_json (~> 1.0)
    bson (1.9.0)
    builder (3.0.4)
    i18n (0.6.1)
    mini_portile (0.5.0)
    mongo (1.9.0)
      bson (~> 1.9.0)
    mongo_mapper (0.12.0)
      activemodel (~> 3.0)
      activesupport (~> 3.0)
      plucky (~> 0.5.2)
    multi_json (1.7.6)
    nokogiri (1.6.0)
      mini_portile (~> 0.5.0)
    plucky (0.5.2)
      mongo (~> 1.5)
    rainbow (1.1.4)
    ruby-nessus (1.1.0)
      nokogiri (~> 1.4)
      rainbow (~> 1.0)

PLATFORMS
  ruby

DEPENDENCIES
  bson
  mongo_mapper
  ruby-nessus
